GIT
  remote: https://github.com/Raven24/diaspora-federation.git
  revision: 57ab999ffafe320ec000d99ff9d8f2d137b4004a
  specs:
    diaspora-federation (0.0.1pre)
      nokogiri (~> 1.6.0)
      valid (~> 0.3.1)

GEM
  remote: https://rubygems.org/
  specs:
    builder (3.2.2)
    cucumber (1.3.6)
      builder (>= 2.1.2)
      diff-lcs (>= 1.1.3)
      gherkin (~> 2.12.0)
      multi_json (~> 1.7.5)
      multi_test (>= 0.0.2)
    diff-lcs (1.2.4)
    gherkin (2.12.1)
      multi_json (~> 1.3)
    mime-types (1.24)
    mini_portile2 (2.1.0)
    multi_json (1.7.9)
    multi_test (0.0.2)
    nokogiri (1.6.8.1)
      mini_portile2 (~> 2.1.0)
    rack (1.5.2)
    rack-protection (1.5.0)
      rack
    rest-client (1.6.7)
      mime-types (>= 1.16)
    shotgun (0.9)
      rack (>= 1.0)
    sinatra (1.4.3)
      rack (~> 1.4)
      rack-protection (~> 1.4)
      tilt (~> 1.3, >= 1.3.4)
    tilt (1.4.1)
    valid (0.3.1)

PLATFORMS
  ruby

DEPENDENCIES
  cucumber (= 1.3.6)
  diaspora-federation!
  nokogiri
  rest-client (= 1.6.7)
  shotgun
  sinatra
